GEM
  remote: https://rubygems.org/
  specs:
    json (1.8.3)
    oauth (0.5.1)
    passenger (5.0.28)
      rack
      rake (>= 0.8.1)
    rack (1.6.0)
    rack-protection (1.5.3)
      rack
    rake (11.1.2)
    sinatra (1.4.6)
      rack (~> 1.4)
      rack-protection (~> 1.4)
      tilt (>= 1.3, < 3)
    tilt (2.0.1)

PLATFORMS
  ruby

DEPENDENCIES
  json
  oauth
  passenger (>= 5.0.25)
  sinatra

BUNDLED WITH
   1.12.3
